GEM
  remote: https://rubygems.org/
  specs:
    nio4r (2.5.8)
    puma (4.3.9)
      nio4r (~> 2.0)
    rack (2.2.3)
    rack-unreloader (1.7.0)
    roda (3.21.0)
      rack
    tilt (2.0.9)

PLATFORMS
  ruby

DEPENDENCIES
  puma
  rack-unreloader
  roda
  tilt

BUNDLED WITH
   1.17.2
